GEM
  remote: http://rubygems.org/
  specs:
    faraday (0.8.4)
      multipart-post (~> 1.1)
    json (1.7.6)
    multipart-post (1.1.5)
    nokogiri (1.5.6)
    open-companies-house (0.2.5)
      faraday (~> 0.8.4)
      json

PLATFORMS
  ruby

DEPENDENCIES
  nokogiri
  open-companies-house (~> 0.2.0)
